PATH
  remote: .
  specs:
    nos-record (0.0.0)
      kyotocabinet-ruby
      leveldb-ruby
      oj
      redis
      sqlite3

GEM
  remote: http://rubygems.org/
  specs:
    coderay (1.0.8)
    diff-lcs (1.1.3)
    eventmachine (1.0.3)
    kyotocabinet-ruby (1.27.1)
    leveldb-ruby (0.15)
    method_source (0.8.1)
    oj (2.1.1)
    pry (0.9.10)
      coderay (~> 1.0.5)
      method_source (~> 0.8)
      slop (~> 3.3.1)
    redis (3.0.4)
    rspec (2.11.0)
      rspec-core (~> 2.11.0)
      rspec-expectations (~> 2.11.0)
      rspec-mocks (~> 2.11.0)
    rspec-core (2.11.1)
    rspec-expectations (2.11.3)
      diff-lcs (~> 1.1.3)
    rspec-mocks (2.11.3)
    slop (3.3.3)
    sqlite3 (1.3.7)

PLATFORMS
  ruby

DEPENDENCIES
  eventmachine
  nos-record!
  pry
  rspec
